{
	"Modality": "MR",
	"MagneticFieldStrength": 3,
	"ImagingFrequency": 123.142,
	"Manufacturer": "Siemens",
	"ManufacturersModelName": "Verio",
	"InstitutionName": "QST",
	"InstitutionalDepartmentName": "Imaging Center",
	"InstitutionAddress": "Anagawa 4-9-1,/Chiba-shi,Chiba,JP,263-0024",
	"DeviceSerialNumber": "62047",
	"StationName": "MRC40634",
	"BodyPartExamined": "BRAIN",
	"PatientPosition": "HFS",
	"ProcedureStepDescription": "SPSD",
	"SoftwareVersions": "syngo MR D13",
	"MRAcquisitionType": "2D",
	"SeriesDescription": "task_ColorSim1_cmrr_MBep2d_bold",
	"ProtocolName": "task_ColorSim1_cmrr_MBep2d_bold",
	"ScanningSequence": "EP",
	"SequenceVariant": "SK\\SS",
	"ScanOptions": "FS",
	"SequenceName": "epfid2d1_70",
	"ImageType": ["ORIGINAL", "PRIMARY", "M", "MB", "ND", "NORM", "MOSAIC"],
	"NonlinearGradientCorrection": false,
	"SeriesNumber": 6,
	"AcquisitionTime": "15:27:5.872500",
	"AcquisitionNumber": 1,
	"ImageComments": "Unaliased MB3/PE3/LB",
	"SliceThickness": 3.2,
	"SpacingBetweenSlices": 3.2,
	"SAR": 0.101814,
	"EchoTime": 0.0316,
	"RepetitionTime": 1,
	"FlipAngle": 61,
	"PartialFourier": 1,
	"BaseResolution": 70,
	"ShimSetting": [
		-1045,
		-2133,
		-1336,
		309,
		-7,
		-27,
		133,
		84	],
	"TxRefAmp": 459.454,
	"PhaseResolution": 1,
	"ReceiveCoilName": "Head_32",
	"ReceiveCoilActiveElements": "HEA;HEP",
	"PulseSequenceDetails": "%CustomerSeq%\\cmrr_mbep2d_bold",
	"WipMemBlock": "da9c4278-72c6-4f9f-a0c8-fae14707729c||Sequence: R016 vd13a/master r/04aa9121; Dec 19 2017 16:21:33 by eja",
	"CoilCombinationMethod": "Sum of Squares",
	"ConsistencyInfo": "N4_VD13A_LATEST_20120616",
	"MatrixCoilMode": "SENSE",
	"MultibandAccelerationFactor": 3,
	"PercentPhaseFOV": 100,
	"PercentSampling": 100,
	"EchoTrainLength": 70,
	"PhaseEncodingSteps": 70,
	"AcquisitionMatrixPE": 70,
	"ReconMatrixPE": 70,
	"BandwidthPerPixelPhaseEncode": 26.455,
	"EffectiveEchoSpacing": 0.000540001,
	"DerivedVendorReportedEchoSpacing": 0.000540001,
	"TotalReadoutTime": 0.03726,
	"PixelBandwidth": 2305,
	"DwellTime": 3.1e-06,
	"PhaseEncodingDirection": "j-",
	"SliceTiming": [
		0,
		0.5225,
		0.065,
		0.5875,
		0.13,
		0.6525,
		0.195,
		0.7175,
		0.26,
		0.785,
		0.3275,
		0.85,
		0.3925,
		0.915,
		0.4575,
		0,
		0.5225,
		0.065,
		0.5875,
		0.13,
		0.6525,
		0.195,
		0.7175,
		0.26,
		0.785,
		0.3275,
		0.85,
		0.3925,
		0.915,
		0.4575,
		0,
		0.5225,
		0.065,
		0.5875,
		0.13,
		0.6525,
		0.195,
		0.7175,
		0.26,
		0.785,
		0.3275,
		0.85,
		0.3925,
		0.915,
		0.4575	],
	"ImageOrientationPatientDICOM": [
		0.998854,
		-0.00803836,
		-0.0471718,
		-0.0166431,
		0.865884,
		-0.499967	],
	"ImageOrientationText": "Tra>Cor(-30.0)>Sag(-2.6)",
	"InPlanePhaseEncodingDirectionDICOM": "COL",
	"ConversionSoftware": "dcm2niix",
	"ConversionSoftwareVersion": "v1.0.20220720",
	"TaskName": "Color Similarity Task"
}
