{
	"Modality": "MR",
	"MagneticFieldStrength": 3,
	"ImagingFrequency": 123.142,
	"Manufacturer": "Siemens",
	"ManufacturersModelName": "Verio",
	"InstitutionName": "QST",
	"InstitutionalDepartmentName": "Imaging Center",
	"InstitutionAddress": "Anagawa 4-9-1,/Chiba-shi,Chiba,JP,263-0024",
	"DeviceSerialNumber": "62047",
	"StationName": "MRC40634",
	"BodyPartExamined": "BRAIN",
	"PatientPosition": "HFS",
	"ProcedureStepDescription": "SPSD",
	"SoftwareVersions": "syngo MR D13",
	"MRAcquisitionType": "3D",
	"SeriesDescription": "T1MPRAGE",
	"ProtocolName": "T1MPRAGE",
	"ScanningSequence": "GR\\IR",
	"SequenceVariant": "SK\\SP\\MP\\OSP",
	"ScanOptions": "IR\\WE",
	"SequenceName": "*tfl3d1_16ns",
	"ImageType": ["ORIGINAL", "PRIMARY", "M", "ND", "NORM"],
	"NonlinearGradientCorrection": false,
	"SeriesNumber": 5,
	"AcquisitionTime": "13:48:40.775000",
	"AcquisitionNumber": 1,
	"ImageComments": "Image quality: high",
	"SliceThickness": 1,
	"SAR": 0.0400003,
	"EchoTime": 0.00298,
	"RepetitionTime": 2.3,
	"SpoilingState": true,
	"InversionTime": 0.9,
	"FlipAngle": 9,
	"PartialFourier": 1,
	"BaseResolution": 256,
	"ShimSetting": [
		-1063,
		-2092,
		-1438,
		346,
		29,
		-245,
		-108,
		-58	],
	"TxRefAmp": 459.597,
	"PhaseResolution": 1,
	"PhaseOversampling": 0.1,
	"ReceiveCoilName": "Head_32",
	"ReceiveCoilActiveElements": "HEA;HEP",
	"PulseSequenceDetails": "%SiemensSeq%\\tfl",
	"RefLinesPE": 32,
	"CoilCombinationMethod": "Adaptive Combine",
	"ConsistencyInfo": "N4_VD13A_LATEST_20120616",
	"MatrixCoilMode": "GRAPPA",
	"PercentPhaseFOV": 93.75,
	"PercentSampling": 100,
	"PhaseEncodingSteps": 263,
	"AcquisitionMatrixPE": 240,
	"ReconMatrixPE": 240,
	"ParallelReductionFactorInPlane": 2,
	"PixelBandwidth": 240,
	"DwellTime": 8.2e-06,
	"ImageOrientationPatientDICOM": [
		0.10757,
		0.975207,
		-0.193391,
		0.0188965,
		-0.19649,
		-0.980324	],
	"ImageOrientationText": "Sag>Cor(5.8)>Tra(-2.3)",
	"InPlanePhaseEncodingDirectionDICOM": "ROW",
	"ConversionSoftware": "dcm2niix",
	"ConversionSoftwareVersion": "v1.0.20220720"
}
