{
	"Modality": "MR",
	"MagneticFieldStrength": 3,
	"ImagingFrequency": 123.142,
	"Manufacturer": "Siemens",
	"ManufacturersModelName": "Verio",
	"InstitutionName": "QST",
	"InstitutionalDepartmentName": "Imaging Center",
	"InstitutionAddress": "Anagawa 4-9-1,/Chiba-shi,Chiba,JP,263-0024",
	"DeviceSerialNumber": "62047",
	"StationName": "MRC40634",
	"BodyPartExamined": "BRAIN",
	"PatientPosition": "HFS",
	"ProcedureStepDescription": "SPSD",
	"SoftwareVersions": "syngo MR D13",
	"MRAcquisitionType": "2D",
	"SeriesDescription": "task_ColorSim1_cmrr_MBep2d_bold",
	"ProtocolName": "task_ColorSim1_cmrr_MBep2d_bold",
	"ScanningSequence": "EP",
	"SequenceVariant": "SK\\SS",
	"ScanOptions": "FS",
	"SequenceName": "epfid2d1_70",
	"ImageType": ["ORIGINAL", "PRIMARY", "M", "MB", "ND", "NORM", "MOSAIC"],
	"NonlinearGradientCorrection": false,
	"SeriesNumber": 6,
	"AcquisitionTime": "15:24:47.417500",
	"AcquisitionNumber": 1,
	"ImageComments": "Unaliased MB3/PE3/LB",
	"SliceThickness": 3.2,
	"SpacingBetweenSlices": 3.2,
	"SAR": 0.103324,
	"EchoTime": 0.0316,
	"RepetitionTime": 1,
	"FlipAngle": 61,
	"PartialFourier": 1,
	"BaseResolution": 70,
	"ShimSetting": [
		-1064,
		-2111,
		-1348,
		318,
		-117,
		93,
		62,
		-53	],
	"TxRefAmp": 463.772,
	"PhaseResolution": 1,
	"ReceiveCoilName": "Head_32",
	"ReceiveCoilActiveElements": "HEA;HEP",
	"PulseSequenceDetails": "%CustomerSeq%\\cmrr_mbep2d_bold",
	"WipMemBlock": "2b92f607-a8e6-4fc2-9e82-288653ad5b14||Sequence: R016 vd13a/master r/04aa9121; Dec 19 2017 16:21:33 by eja",
	"CoilCombinationMethod": "Sum of Squares",
	"ConsistencyInfo": "N4_VD13A_LATEST_20120616",
	"MatrixCoilMode": "SENSE",
	"MultibandAccelerationFactor": 3,
	"PercentPhaseFOV": 100,
	"PercentSampling": 100,
	"EchoTrainLength": 70,
	"PhaseEncodingSteps": 70,
	"AcquisitionMatrixPE": 70,
	"ReconMatrixPE": 70,
	"BandwidthPerPixelPhaseEncode": 26.455,
	"EffectiveEchoSpacing": 0.000540001,
	"DerivedVendorReportedEchoSpacing": 0.000540001,
	"TotalReadoutTime": 0.03726,
	"PixelBandwidth": 2305,
	"DwellTime": 3.1e-06,
	"PhaseEncodingDirection": "j-",
	"SliceTiming": [
		0,
		0.5225,
		0.065,
		0.59,
		0.1325,
		0.655,
		0.1975,
		0.72,
		0.2625,
		0.785,
		0.3275,
		0.85,
		0.3925,
		0.915,
		0.4575,
		0,
		0.5225,
		0.065,
		0.59,
		0.1325,
		0.655,
		0.1975,
		0.72,
		0.2625,
		0.785,
		0.3275,
		0.85,
		0.3925,
		0.915,
		0.4575,
		0,
		0.5225,
		0.065,
		0.59,
		0.1325,
		0.655,
		0.1975,
		0.72,
		0.2625,
		0.785,
		0.3275,
		0.85,
		0.3925,
		0.915,
		0.4575	],
	"ImageOrientationPatientDICOM": [
		0.999162,
		0.0339348,
		0.0229028,
		-0.0231466,
		0.929665,
		-0.367679	],
	"ImageOrientationText": "Tra>Cor(-21.5)>Sag(1.9)",
	"InPlanePhaseEncodingDirectionDICOM": "COL",
	"ConversionSoftware": "dcm2niix",
	"ConversionSoftwareVersion": "v1.0.20220720",
	"TaskName": "Color Similarity Task"
}
